GEM
  remote: https://rubygems.org/
  specs:
    rake (12.0.0)
    sass (3.4.23)
    scss_lint (0.51.0)
      rake (>= 0.9, < 13)
      sass (~> 3.4.20)

PLATFORMS
  ruby

DEPENDENCIES
  sass (>= 3.4.22)
  scss_lint (~> 0.51.0)

BUNDLED WITH
   1.15.4
