GEM
  remote: https://rubygems.org/
  specs:
    ast (2.3.0)
    parser (2.3.3.1)
      ast (~> 2.2)
    powerpack (0.1.1)
    rainbow (2.1.0)
    rake (12.0.0)
    rubocop (0.46.0)
      parser (>= 2.3.1.1, < 3.0)
      powerpack (~> 0.1)
      rainbow (>= 1.99.1, < 3.0)
      ruby-progressbar (~> 1.7)
      unicode-display_width (~> 1.0, >= 1.0.1)
    ruby-dbus (0.13.0)
    ruby-progressbar (1.8.1)
    sass (3.4.23)
    scss_lint (0.51.0)
      rake (>= 0.9, < 13)
      sass (~> 3.4.20)
    unicode-display_width (1.1.2)

PLATFORMS
  ruby

DEPENDENCIES
  rubocop (~> 0.46.0)
  ruby-dbus (~> 0.13)
  sass (>= 3.4.22)
  scss_lint (~> 0.51.0)

RUBY VERSION
   ruby 2.3.3p222

BUNDLED WITH
   1.14.6
